PATH
  remote: .
  specs:
    say_hi (0.2.2)

GEM
  remote: https://rubygems.org/
  specs:
    rake (13.0.6)

PLATFORMS
  x64-mingw32

DEPENDENCIES
  rake (~> 13.0)
  say_hi!

BUNDLED WITH
   2.2.32
